GIT
  remote: git://github.com/bradgignac/green_onion-sauce.git
  revision: 68abc13e05ed1933a83484cd1bab790e83d73403
  specs:
    green_onion-sauce (0.0.1)

GIT
  remote: git://github.com/tomeara/green_onion.git
  revision: 73483b10a699ceb6c98cfa7b3189ea4e986192a5
  specs:
    green_onion (0.1.4)
      capybara (~> 1.1)
      fileutils
      oily_png (~> 1.0.2)
      rainbow
      thor (>= 0.14.6)

GEM
  remote: https://rubygems.org/
  specs:
    builder (3.2.0)
    capybara (1.1.4)
      mime-types (>= 1.16)
      nokogiri (>= 1.3.3)
      rack (>= 1.0.0)
      rack-test (>= 0.5.4)
      selenium-webdriver (~> 2.0)
      xpath (~> 0.1.4)
    childprocess (0.3.9)
      ffi (~> 1.0, >= 1.0.11)
    chunky_png (1.2.8)
    ci_reporter (1.8.4)
      builder (>= 2.1.2)
    cmdparse (2.0.5)
    compass (0.12.2)
      chunky_png (~> 1.2)
      fssm (>= 0.2.7)
      sass (~> 3.1)
    diff-lcs (1.2.2)
    excon (0.20.1)
    ffi (1.6.0)
    fileutils (0.7)
      rmagick (>= 2.13.1)
    fog (1.10.0)
      builder
      excon (~> 0.14)
      formatador (~> 0.2.0)
      mime-types
      multi_json (~> 1.0)
      net-scp (~> 1.1)
      net-ssh (>= 2.1.3)
      nokogiri (~> 1.5.0)
      ruby-hmac
    formatador (0.2.4)
    fssm (0.2.10)
    highline (1.6.17)
    json (1.7.7)
    mime-types (1.22)
    multi_json (1.7.2)
    net-http-persistent (2.8)
    net-scp (1.1.0)
      net-ssh (>= 2.6.5)
    net-ssh (2.6.6)
    net-ssh-gateway (1.2.0)
      net-ssh (>= 2.6.5)
    nokogiri (1.5.9)
    oily_png (1.0.3)
      chunky_png (~> 1.2.1)
    rack (1.5.2)
    rack-test (0.6.2)
      rack (>= 1.0)
    rainbow (1.1.4)
    rake (10.0.4)
    rest-client (1.6.7)
      mime-types (>= 1.16)
    rmagick (2.13.2)
    rspec (2.13.0)
      rspec-core (~> 2.13.0)
      rspec-expectations (~> 2.13.0)
      rspec-mocks (~> 2.13.0)
    rspec-core (2.13.1)
    rspec-expectations (2.13.0)
      diff-lcs (>= 1.1.3, < 2.0)
    rspec-mocks (2.13.0)
    ruby-hmac (0.4.0)
    rubyzip (0.9.9)
    sass (3.2.7)
    sauce (2.4.1)
      childprocess (>= 0.1.6)
      cmdparse (>= 2.0.2)
      highline (>= 1.5.0)
      json (>= 1.2.0)
      net-http-persistent
      net-ssh
      net-ssh-gateway
      rest-client
      selenium-webdriver (>= 0.1.2)
    sauce-connect (2.4.0)
      sauce (~> 2.4.0)
    selenium-webdriver (2.31.0)
      childprocess (>= 0.2.5)
      multi_json (~> 1.0)
      rubyzip
      websocket (~> 1.0.4)
    thor (0.18.1)
    websocket (1.0.7)
    xpath (0.1.4)
      nokogiri (~> 1.3)

PLATFORMS
  ruby

DEPENDENCIES
  capybara
  ci_reporter
  compass
  fog
  green_onion!
  green_onion-sauce!
  rake
  rspec
  sauce
  sauce-connect
